GIT
  remote: git://github.com/tibastral/vimeo.git
  revision: e8fd4e9fdff3d0b38fcce9622852b39310de315d
  specs:
    vimeo (1.5.3)
      httparty (>= 0.4.5)
      httpclient (>= 2.1.5.2)
      json (>= 1.1.9)
      multipart-post (>= 1.0.1)
      oauth (>= 0.4.3)

PATH
  remote: .
  specs:
    has_vimeo_video (0.0.5)
      supermodel
      vimeo

GEM
  remote: http://rubygems.org/
  specs:
    activemodel (3.0.17)
      activesupport (= 3.0.17)
      builder (~> 2.1.2)
      i18n (~> 0.5.0)
    activesupport (3.0.17)
    builder (2.1.2)
    diff-lcs (1.1.3)
    httparty (0.11.0)
      multi_json (~> 1.0)
      multi_xml (>= 0.5.2)
    httpclient (2.3.3)
    i18n (0.5.0)
    json (1.8.0)
    metaclass (0.0.1)
    mocha (0.10.0)
      metaclass (~> 0.0.1)
    multi_json (1.7.4)
    multi_xml (0.5.3)
    multipart-post (1.2.0)
    oauth (0.4.7)
    rake (0.8.7)
    rspec (2.7.0)
      rspec-core (~> 2.7.0)
      rspec-expectations (~> 2.7.0)
      rspec-mocks (~> 2.7.0)
    rspec-core (2.7.1)
    rspec-expectations (2.7.0)
      diff-lcs (~> 1.1.2)
    rspec-mocks (2.7.0)
    supermodel (0.1.6)
      activemodel (~> 3.0.0)

PLATFORMS
  ruby

DEPENDENCIES
  has_vimeo_video!
  mocha
  rake
  rspec
  vimeo!
